GEM
  remote: https://rubygems.org/
  specs:
    haml (5.0.4)
      temple (>= 0.8.0)
      tilt
    mustermann (1.0.3)
    rack (2.0.5)
    rack-protection (2.0.4)
      rack
    ruby-filemagic (0.7.2)
    rubyzip (1.2.2)
    sinatra (2.0.4)
      mustermann (~> 1.0)
      rack (~> 2.0)
      rack-protection (= 2.0.4)
      tilt (~> 2.0)
    temple (0.8.0)
    tilt (2.0.8)

PLATFORMS
  ruby

DEPENDENCIES
  haml
  ruby-filemagic
  rubyzip (>= 1.0.0)
  sinatra (~> 2.0)

BUNDLED WITH
   1.14.6
